GEM
  remote: http://rubygems.org/
  specs:
    rake (10.3.1)
    sass (3.2.12)

PLATFORMS
  ruby

DEPENDENCIES
  rake
  sass (~> 3.2.12)
